PATH
  remote: .
  specs:
    trie-viz (0.1.0)
      bundler
      haml
      puma
      rack
      rake
      ruby-graphviz
      sinatra
      sinatra-contrib
      trie-substring-search

GEM
  remote: https://rubygems.org/
  specs:
    addressable (2.8.1)
      public_suffix (>= 2.0.2, < 6.0)
    ansi (1.5.0)
    ast (2.4.2)
    benchmark-malloc (0.2.0)
    benchmark-perf (0.6.0)
    benchmark-trend (0.4.0)
    capybara (3.38.0)
      addressable
      matrix
      mini_mime (>= 0.1.3)
      nokogiri (~> 1.8)
      rack (>= 1.6.0)
      rack-test (>= 0.6.3)
      regexp_parser (>= 1.5, < 3.0)
      xpath (~> 3.2)
    codecov (0.2.12)
      json
      simplecov
    coderay (1.1.3)
    diff-lcs (1.5.0)
    docile (1.4.0)
    haml (6.1.1)
      temple (>= 0.8.2)
      thor
      tilt
    json (2.6.3)
    matrix (0.4.2)
    method_source (1.0.0)
    mini_mime (1.1.2)
    multi_json (1.15.0)
    mustermann (3.0.0)
      ruby2_keywords (~> 0.0.1)
    nio4r (2.5.8)
    nokogiri (1.14.1-x86_64-darwin)
      racc (~> 1.4)
    parallel (1.22.1)
    parser (3.2.1.0)
      ast (~> 2.4.1)
    pry (0.14.2)
      coderay (~> 1.1)
      method_source (~> 1.0)
    public_suffix (5.0.1)
    puma (6.0.2)
      nio4r (~> 2.0)
    racc (1.6.2)
    rack (2.2.6.2)
    rack-protection (3.0.5)
      rack
    rack-test (2.0.2)
      rack (>= 1.3)
    rainbow (3.1.1)
    rake (13.0.6)
    regexp_parser (2.7.0)
    rexml (3.2.5)
    rspec (3.12.0)
      rspec-core (~> 3.12.0)
      rspec-expectations (~> 3.12.0)
      rspec-mocks (~> 3.12.0)
    rspec-benchmark (0.6.0)
      benchmark-malloc (~> 0.2)
      benchmark-perf (~> 0.6)
      benchmark-trend (~> 0.4)
      rspec (>= 3.0)
    rspec-collection_matchers (1.2.0)
      rspec-expectations (>= 2.99.0.beta1)
    rspec-core (3.12.1)
      rspec-support (~> 3.12.0)
    rspec-expectations (3.12.2)
      diff-lcs (>= 1.2.0, < 2.0)
      rspec-support (~> 3.12.0)
    rspec-mocks (3.12.3)
      diff-lcs (>= 1.2.0, < 2.0)
      rspec-support (~> 3.12.0)
    rspec-support (3.12.0)
    rubocop (1.45.1)
      json (~> 2.3)
      parallel (~> 1.10)
      parser (>= 3.2.0.0)
      rainbow (>= 2.2.2, < 4.0)
      regexp_parser (>= 1.8, < 3.0)
      rexml (>= 3.2.5, < 4.0)
      rubocop-ast (>= 1.24.1, < 2.0)
      ruby-progressbar (~> 1.7)
      unicode-display_width (>= 2.4.0, < 3.0)
    rubocop-ast (1.24.1)
      parser (>= 3.1.1.0)
    rubocop-capybara (2.17.0)
      rubocop (~> 1.41)
    rubocop-md (1.2.0)
      rubocop (>= 1.0)
    rubocop-performance (1.16.0)
      rubocop (>= 1.7.0, < 2.0)
      rubocop-ast (>= 0.4.0)
    rubocop-rake (0.6.0)
      rubocop (~> 1.0)
    rubocop-rspec (2.18.1)
      rubocop (~> 1.33)
      rubocop-capybara (~> 2.17)
    ruby-graphviz (1.2.5)
      rexml
    ruby-progressbar (1.11.0)
    ruby2_keywords (0.0.5)
    rubyzip (2.3.2)
    selenium-webdriver (4.8.0)
      rexml (~> 3.2, >= 3.2.5)
      rubyzip (>= 1.2.2, < 3.0)
      websocket (~> 1.0)
    simplecov (0.22.0)
      docile (~> 1.1)
      simplecov-html (~> 0.11)
      simplecov_json_formatter (~> 0.1)
    simplecov-console (0.9.1)
      ansi
      simplecov
      terminal-table
    simplecov-html (0.12.3)
    simplecov_json_formatter (0.1.4)
    sinatra (3.0.5)
      mustermann (~> 3.0)
      rack (~> 2.2, >= 2.2.4)
      rack-protection (= 3.0.5)
      tilt (~> 2.0)
    sinatra-contrib (3.0.5)
      multi_json
      mustermann (~> 3.0)
      rack-protection (= 3.0.5)
      sinatra (= 3.0.5)
      tilt (~> 2.0)
    slim (5.0.0)
      temple (~> 0.10.0)
      tilt (>= 2.0.6, < 2.1)
    temple (0.10.0)
    terminal-table (3.0.2)
      unicode-display_width (>= 1.1.1, < 3)
    thor (1.2.1)
    tilt (2.0.11)
    trie-substring-search (0.1.0.0)
    unicode-display_width (2.4.2)
    webdrivers (5.2.0)
      nokogiri (~> 1.6)
      rubyzip (>= 1.3.0)
      selenium-webdriver (~> 4.0)
    websocket (1.2.9)
    xpath (3.2.0)
      nokogiri (~> 1.8)

PLATFORMS
  x86_64-darwin-22

DEPENDENCIES
  bundler
  capybara
  codecov
  pry
  puma
  rack
  rake
  rspec
  rspec-benchmark
  rspec-collection_matchers
  rubocop
  rubocop-md
  rubocop-performance
  rubocop-rake
  rubocop-rspec
  ruby-graphviz
  selenium-webdriver
  simplecov
  simplecov-console
  sinatra
  sinatra-contrib
  slim
  trie-substring-search
  trie-viz!
  webdrivers

RUBY VERSION
   ruby 3.2.0p0

BUNDLED WITH
   2.4.1
