PATH
  remote: .
  specs:
    trie-viz (0.1.0)

GEM
  remote: https://rubygems.org/
  specs:
    ansi (1.5.0)
    ast (2.4.0)
    benchmark-malloc (0.1.0)
    benchmark-perf (0.5.0)
    benchmark-trend (0.3.0)
    codecov (0.1.14)
      json
      simplecov
      url
    coderay (1.1.2)
    diff-lcs (1.3)
    docile (1.3.1)
    hirb (0.7.3)
    jaro_winkler (1.5.2)
    json (2.2.0)
    method_source (0.9.2)
    parallel (1.17.0)
    parser (2.6.3.0)
      ast (~> 2.4.0)
    pry (0.12.2)
      coderay (~> 1.1.0)
      method_source (~> 0.9.0)
    psych (3.1.0)
    rainbow (3.0.0)
    rake (10.5.0)
    rspec (3.8.0)
      rspec-core (~> 3.8.0)
      rspec-expectations (~> 3.8.0)
      rspec-mocks (~> 3.8.0)
    rspec-benchmark (0.5.0)
      benchmark-malloc (~> 0.1.0)
      benchmark-perf (~> 0.5.0)
      benchmark-trend (~> 0.3.0)
      rspec (>= 3.0.0, < 4.0.0)
    rspec-collection_matchers (1.1.3)
      rspec-expectations (>= 2.99.0.beta1)
    rspec-core (3.8.0)
      rspec-support (~> 3.8.0)
    rspec-expectations (3.8.3)
      diff-lcs (>= 1.2.0, < 2.0)
      rspec-support (~> 3.8.0)
    rspec-mocks (3.8.0)
      diff-lcs (>= 1.2.0, < 2.0)
      rspec-support (~> 3.8.0)
    rspec-support (3.8.0)
    rubocop (0.67.2)
      jaro_winkler (~> 1.5.1)
      parallel (~> 1.10)
      parser (>= 2.5, != 2.5.1.1)
      psych (>= 3.1.0)
      rainbow (>= 2.2.2, < 4.0)
      ruby-progressbar (~> 1.7)
      unicode-display_width (>= 1.4.0, < 1.6)
    rubocop-performance (1.1.0)
      rubocop (>= 0.67.0)
    ruby-graphviz (1.2.4)
    ruby-progressbar (1.10.0)
    simplecov (0.16.1)
      docile (~> 1.1)
      json (>= 1.8, < 3)
      simplecov-html (~> 0.10.0)
    simplecov-console (0.4.2)
      ansi
      hirb
      simplecov
    simplecov-html (0.10.2)
    trie-substring-search (0.1.0.0)
    unicode-display_width (1.5.0)
    url (0.3.2)

PLATFORMS
  ruby

DEPENDENCIES
  bundler (~> 1.17.0)
  codecov (~> 0.1)
  pry (~> 0.12)
  rake (~> 10.0)
  rspec (~> 3.0)
  rspec-benchmark (~> 0.5.0)
  rspec-collection_matchers (~> 1.1.0)
  rubocop (~> 0.67.0)
  rubocop-performance (~> 1.1.0)
  ruby-graphviz (~> 1.2.4)
  simplecov (~> 0.16.0)
  simplecov-console (~> 0.4.0)
  trie-substring-search (~> 0.1.0.0)
  trie-viz!

BUNDLED WITH
   1.17.3
